GEM
  remote: https://rubygems.org/
  specs:
    eventmachine (1.0.8)
    god (0.13.6)
    ruby-osc (0.31.0)
      eventmachine (>= 0.12.8)
    serialport (1.3.1)

PLATFORMS
  ruby

DEPENDENCIES
  god
  ruby-osc
  serialport

BUNDLED WITH
   1.10.6
